GEM
  remote: http://rubygems.org/
  specs:
    gli (2.5.6)
    i18n (0.6.4)
    json (1.6.3)
    localeapp (0.6.9)
      gli
      i18n
      json
      rest-client
      ya2yaml
    mime-types (1.23)
    rack (1.5.2)
    rake (10.0.4)
    rcov (0.9.9)
    rdoc (3.11)
      json (~> 1.4)
    rest-client (1.6.7)
      mime-types (>= 1.16)
    shoulda (2.11.3)
    ya2yaml (0.31)

PLATFORMS
  ruby

DEPENDENCIES
  bundler (>= 1.0.0)
  localeapp
  rack
  rake
  rcov
  rdoc
  shoulda
